GEM
  remote: https://rubygems.org/
  specs:
    coderay (1.1.3)
    connection_pool (2.3.0)
    json (2.5.1)
    method_source (1.0.0)
    pry (0.14.2)
      coderay (~> 1.1)
      method_source (~> 1.0)
    rake (13.0.6)
    redis (5.0.6)
      redis-client (>= 0.9.0)
    redis-client (0.12.1)
      connection_pool

PLATFORMS
  arm64-darwin-21
  x86_64-linux

DEPENDENCIES
  json
  pry
  rake
  redis

BUNDLED WITH
   2.3.16
